PATH
  remote: .
  specs:
    mongify (1.4.1)
      activerecord (>= 4.2, < 6.0)
      activesupport (>= 4.2, < 6.0)
      bson (~> 4.4)
      bson_ext (~> 1.5)
      highline (= 1.7.8)
      mongo (>= 2.8)

GEM
  remote: http://rubygems.org/
  specs:
    activemodel (5.2.3)
      activesupport (= 5.2.3)
    activerecord (5.2.3)
      activemodel (= 5.2.3)
      activesupport (= 5.2.3)
      arel (>= 9.0)
    activesupport (5.2.3)
      concurrent-ruby (~> 1.0, >= 1.0.2)
      i18n (>= 0.7, < 2)
      minitest (~> 5.1)
      tzinfo (~> 1.1)
    arel (9.0.0)
    awesome_print (1.8.0)
    bson (4.4.2)
    bson_ext (1.5.1)
    builder (3.2.3)
    byebug (9.0.6)
    coderay (1.1.1)
    concurrent-ruby (1.1.5)
    coolline (0.5.0)
      unicode_utils (~> 1.4)
    cucumber (2.4.0)
      builder (>= 2.1.2)
      cucumber-core (~> 1.5.0)
      cucumber-wire (~> 0.0.1)
      diff-lcs (>= 1.1.3)
      gherkin (~> 4.0)
      multi_json (>= 1.7.5, < 2.0)
      multi_test (>= 0.1.2)
    cucumber-core (1.5.0)
      gherkin (~> 4.0)
    cucumber-wire (0.0.1)
    diff-lcs (1.3)
    gherkin (4.1.3)
    highline (1.7.8)
    hirb (0.7.3)
    i18n (1.6.0)
      concurrent-ruby (~> 1.0)
    jazz_fingers (4.0.1)
      awesome_print (~> 1.6)
      hirb (~> 0.7)
      pry (~> 0.10)
      pry-byebug (~> 3.4)
      pry-coolline (~> 0.2)
      pry-doc (~> 0.6)
    metaclass (0.0.4)
    method_source (0.8.2)
    minitest (5.11.3)
    mocha (1.2.1)
      metaclass (~> 0.0.1)
    mongo (2.8.0)
      bson (>= 4.4.2, < 5.0.0)
    multi_json (1.12.1)
    multi_test (0.1.2)
    mysql2 (0.4.6)
    parallel (1.15.0)
    pg (0.21.0)
    pry (0.10.4)
      coderay (~> 1.1.0)
      method_source (~> 0.8.1)
      slop (~> 3.4)
    pry-byebug (3.4.2)
      byebug (~> 9.0)
      pry (~> 0.10)
    pry-coolline (0.2.5)
      coolline (~> 0.5)
    pry-doc (0.10.0)
      pry (~> 0.9)
      yard (~> 0.9)
    rake (12.0.0)
    rspec (2.99.0)
      rspec-core (~> 2.99.0)
      rspec-expectations (~> 2.99.0)
      rspec-mocks (~> 2.99.0)
    rspec-collection_matchers (1.1.3)
      rspec-expectations (>= 2.99.0.beta1)
    rspec-core (2.99.2)
    rspec-expectations (2.99.2)
      diff-lcs (>= 1.1.3, < 2.0)
    rspec-mocks (2.99.4)
    ruby-progressbar (1.10.0)
    slop (3.6.0)
    sqlite3 (1.3.13)
    thread_safe (0.3.6)
    tzinfo (1.2.5)
      thread_safe (~> 0.1)
    unicode_utils (1.4.0)
    watchr (0.7)
    yard (0.9.9)

PLATFORMS
  ruby

DEPENDENCIES
  cucumber (>= 0.10)
  jazz_fingers
  mocha (>= 0.9.8)
  mongify!
  mysql2 (>= 0.4)
  parallel
  pg (>= 0.17)
  rake
  rspec (~> 2.0)
  rspec-collection_matchers (~> 1.0)
  ruby-progressbar
  sqlite3 (>= 1.3)
  watchr (>= 0.6)
  yard (>= 0.8)

BUNDLED WITH
   1.16.1
